PATH
  remote: .
  specs:
    heartcheck-paypal (0.1.0)

GEM
  remote: https://rubygems.org/
  specs:
    diff-lcs (1.3)
    ffi (1.11.1)
    heartcheck (1.5.1)
      multi_json (~> 1.0)
      net-telnet (~> 0.1.1)
      rack (>= 1.4.0, < 2.1)
      sys-uname (~> 1.0, >= 1.0.3)
    multi_json (1.13.1)
    net-telnet (0.1.1)
    paypal-sdk-rest (1.7.3)
      multi_json (~> 1.0)
      xml-simple
    rack (2.0.7)
    rake (10.5.0)
    rspec (3.8.0)
      rspec-core (~> 3.8.0)
      rspec-expectations (~> 3.8.0)
      rspec-mocks (~> 3.8.0)
    rspec-core (3.8.2)
      rspec-support (~> 3.8.0)
    rspec-expectations (3.8.4)
      diff-lcs (>= 1.2.0, < 2.0)
      rspec-support (~> 3.8.0)
    rspec-mocks (3.8.1)
      diff-lcs (>= 1.2.0, < 2.0)
      rspec-support (~> 3.8.0)
    rspec-support (3.8.2)
    sys-uname (1.1.0)
      ffi (>= 1.0.0)
    xml-simple (1.1.5)

PLATFORMS
  ruby

DEPENDENCIES
  bundler (~> 2.0)
  heartcheck (~> 1.5)
  heartcheck-paypal!
  paypal-sdk-rest (~> 1.7.3)
  rake (~> 10.0)
  rspec (~> 3.0)

BUNDLED WITH
   2.0.2
